PATH
  remote: .
  specs:
    screencaster-gtk (0.1.0)
      cairo (~> 1.12, >= 1.12.6)
      gdk_pixbuf2 (~> 2.0, >= 2.0.2)
      glib2 (~> 2.0, >= 2.0.2)
      gtk2 (~> 2.0, >= 2.0.2)
      ruby-dbus (~> 0.9, >= 0.9.2)

GEM
  remote: https://rubygems.org/
  specs:
    atk (2.2.3)
      glib2 (= 2.2.3)
    cairo (1.14.0)
      pkg-config (>= 1.1.5)
    gdk_pixbuf2 (2.2.3)
      glib2 (= 2.2.3)
    glib2 (2.2.3)
      pkg-config
    gtk2 (2.2.3)
      atk (= 2.2.3)
      gdk_pixbuf2 (= 2.2.3)
      pango (= 2.2.3)
    pango (2.2.3)
      cairo (>= 1.12.5)
      glib2 (= 2.2.3)
    pkg-config (1.1.6)
    ruby-dbus (0.11.0)

PLATFORMS
  ruby

DEPENDENCIES
  screencaster-gtk!
